PATH
  remote: .
  specs:
    nest_thermostat (0.0.1)
      httparty (~> 0.8.3)

GEM
  remote: http://rubygems.org/
  specs:
    awesome_print (1.0.2)
    diff-lcs (1.1.3)
    httparty (0.8.3)
      multi_json (~> 1.0)
      multi_xml
    multi_json (1.3.6)
    multi_xml (0.5.1)
    rspec (2.10.0)
      rspec-core (~> 2.10.0)
      rspec-expectations (~> 2.10.0)
      rspec-mocks (~> 2.10.0)
    rspec-core (2.10.1)
    rspec-expectations (2.10.0)
      diff-lcs (~> 1.1.3)
    rspec-mocks (2.10.1)

PLATFORMS
  ruby

DEPENDENCIES
  awesome_print
  nest_thermostat!
  rspec (~> 2.10)
